GEM
  remote: http://rubygems.org/
  specs:
    autoprefixer-rails (7.1.2.2)
      execjs
    aws-sdk (2.6.49)
      aws-sdk-resources (= 2.6.49)
    aws-sdk-core (2.6.49)
      aws-sigv4 (~> 1.0)
      jmespath (~> 1.0)
    aws-sdk-resources (2.6.49)
      aws-sdk-core (= 2.6.49)
    aws-sigv4 (1.0.0)
    backports (3.6.8)
    bootstrap (4.0.0.alpha6)
      autoprefixer-rails (>= 6.0.3)
      sass (>= 3.4.19)
    ethon (0.10.1)
      ffi (>= 1.3.0)
    execjs (2.7.0)
    ffi (1.9.17)
    haml (4.0.7)
      tilt
    jmespath (1.3.1)
    multi_json (1.12.1)
    rack (1.6.5)
    rack-protection (1.5.3)
      rack
    rack-test (0.6.3)
      rack (>= 1.0)
    rb-fsevent (0.10.2)
    rb-inotify (0.9.10)
      ffi (>= 0.5.0, < 2)
    sass (3.5.1)
      sass-listen (~> 4.0.0)
    sass-listen (4.0.0)
      rb-fsevent (~> 0.9, >= 0.9.4)
      rb-inotify (~> 0.9, >= 0.9.7)
    sinatra (1.4.7)
      rack (~> 1.5)
      rack-protection (~> 1.4)
      tilt (>= 1.3, < 3)
    sinatra-contrib (1.4.7)
      backports (>= 2.0)
      multi_json
      rack-protection
      rack-test
      sinatra (~> 1.4.0)
      tilt (>= 1.3, < 3)
    tilt (2.0.5)
    trollop (2.1.2)
    typhoeus (1.1.2)
      ethon (>= 0.9.0)
    yajl-ruby (1.3.0)

PLATFORMS
  ruby

DEPENDENCIES
  aws-sdk
  bootstrap (= 4.0.0.alpha6)
  haml (= 4.0.7)
  sass
  sinatra (= 1.4.7)
  sinatra-contrib (= 1.4.7)
  trollop
  typhoeus
  yajl-ruby

BUNDLED WITH
   1.11.2
